GEM
  remote: https://rubygems.org/
  specs:
    awesome_print (1.8.0)
    aws-eventstream (1.1.0)
    aws-partitions (1.365.0)
    aws-sdk-core (3.105.0)
      aws-eventstream (~> 1, >= 1.0.2)
      aws-partitions (~> 1, >= 1.239.0)
      aws-sigv4 (~> 1.1)
      jmespath (~> 1.0)
    aws-sdk-kms (1.37.0)
      aws-sdk-core (~> 3, >= 3.99.0)
      aws-sigv4 (~> 1.1)
    aws-sdk-s3 (1.79.1)
      aws-sdk-core (~> 3, >= 3.104.3)
      aws-sdk-kms (~> 1)
      aws-sigv4 (~> 1.1)
    aws-sigv4 (1.2.2)
      aws-eventstream (~> 1, >= 1.0.2)
    jmespath (1.4.0)
    rack (2.2.3)

PLATFORMS
  ruby

DEPENDENCIES
  awesome_print
  aws-sdk-s3
  rack

BUNDLED WITH
   2.1.4
